GEM
  remote: http://rubygems.org/
  specs:
    amq-client (0.9.5)
      amq-protocol (>= 0.9.4)
      eventmachine
    amq-protocol (0.9.5)
    amqp (0.9.8)
      amq-client (= 0.9.5)
      amq-protocol (= 0.9.5)
      eventmachine (>= 0.12.4)
    diff-lcs (1.1.2)
    eventmachine (0.12.10)
    rspec (2.1.0)
      rspec-core (~> 2.1.0)
      rspec-expectations (~> 2.1.0)
      rspec-mocks (~> 2.1.0)
    rspec-core (2.1.0)
    rspec-expectations (2.1.0)
      diff-lcs (~> 1.1.2)
    rspec-mocks (2.1.0)

PLATFORMS
  ruby

DEPENDENCIES
  amq-client
  amq-protocol
  amqp
  eventmachine
  rspec
